GEM
  remote: https://rubygems.org/
  specs:
    github-pages (226)
      github-pages-api (1.20.0)
      jekyll (4.2.3)
      jekyll-feed (0.16.0)
      jekyll-paginate (1.11.0)
      jekyll-sass-converter (2.2.0)
      jekyll-seo-tag (2.7.0)
      jekyll-sitemap (1.4.0)
      kramdown (2.3.0)
      liquid (4.0.3)
      mercenary (0.4.0)
      pathutil (0.16.2)
      rouge (3.26.0)
      safe_yaml (1.0.4)
      tzinfo (1.2.9)
    jekyll-remote-theme (0.4.0)
    minima (2.5.1)
      jekyll (>= 3.3, < 5.0)
      jekyll-sass-converter (>= 2.0)
      jekyll-watch (>= 2.0)
   
